GEM
  remote: https://rubygems.org/
  specs:
    action-store (0.4.4)
      rails (>= 5, < 7)
    actioncable (6.0.2.1)
      actionpack (= 6.0.2.1)
      nio4r (~> 2.0)
      websocket-driver (>= 0.6.1)
    actionmailbox (6.0.2.1)
      actionpack (= 6.0.2.1)
      activejob (= 6.0.2.1)
      activerecord (= 6.0.2.1)
      activestorage (= 6.0.2.1)
      activesupport (= 6.0.2.1)
      mail (>= 2.7.1)
    actionmailer (6.0.2.1)
      actionpack (= 6.0.2.1)
      actionview (= 6.0.2.1)
      activejob (= 6.0.2.1)
      mail (~> 2.5, >= 2.5.4)
      rails-dom-testing (~> 2.0)
    actionpack (6.0.2.1)
      actionview (= 6.0.2.1)
      activesupport (= 6.0.2.1)
      rack (~> 2.0, >= 2.0.8)
      rack-test (>= 0.6.3)
      rails-dom-testing (~> 2.0)
      rails-html-sanitizer (~> 1.0, >= 1.2.0)
    actiontext (6.0.2.1)
      actionpack (= 6.0.2.1)
      activerecord (= 6.0.2.1)
      activestorage (= 6.0.2.1)
      activesupport (= 6.0.2.1)
      nokogiri (>= 1.8.5)
    actionview (6.0.2.1)
      activesupport (= 6.0.2.1)
      builder (~> 3.1)
      erubi (~> 1.4)
      rails-dom-testing (~> 2.0)
      rails-html-sanitizer (~> 1.1, >= 1.2.0)
    activejob (6.0.2.1)
      activesupport (= 6.0.2.1)
      globalid (>= 0.3.6)
    activemodel (6.0.2.1)
      activesupport (= 6.0.2.1)
    activerecord (6.0.2.1)
      activemodel (= 6.0.2.1)
      activesupport (= 6.0.2.1)
    activestorage (6.0.2.1)
      actionpack (= 6.0.2.1)
      activejob (= 6.0.2.1)
      activerecord (= 6.0.2.1)
      marcel (~> 0.3.1)
    activesupport (6.0.2.1)
      concurrent-ruby (~> 1.0, >= 1.0.2)
      i18n (>= 0.7, < 2)
      minitest (~> 5.1)
      tzinfo (~> 1.1)
      zeitwerk (~> 2.2)
    addressable (2.6.0)
      public_suffix (>= 2.0.2, < 4.0)
    aliyun-sdk (0.7.0)
      nokogiri (~> 1.6)
      rest-client (~> 2.0)
    ast (2.4.0)
    auto-space (0.0.4)
      activesupport (> 3.0.0)
    autoprefixer-rails (9.6.1)
      execjs
    bcrypt (3.1.13)
    benchmark-ips (2.7.2)
    bootsnap (1.4.4)
      msgpack (~> 1.0)
    bootstrap (4.3.1)
      autoprefixer-rails (>= 9.1.0)
      popper_js (>= 1.14.3, < 2)
      sassc-rails (>= 2.0.0)
    builder (3.2.4)
    bulk_insert (1.7.0)
      activerecord (>= 3.2.0)
    cancancan (3.0.1)
    capybara (3.26.0)
      addressable
      mini_mime (>= 0.1.3)
      nokogiri (~> 1.8)
      rack (>= 1.6.0)
      rack-test (>= 0.6.3)
      regexp_parser (~> 1.5)
      xpath (~> 3.2)
    carrierwave (1.3.1)
      activemodel (>= 4.0.0)
      activesupport (>= 4.0.0)
      mime-types (>= 1.16)
    carrierwave-aliyun (1.1.0)
      aliyun-sdk (>= 0.6.0)
      carrierwave (>= 1)
    carrierwave-qiniu (1.1.6)
      carrierwave (~> 1.0)
      qiniu (~> 6.8, >= 6.8.0)
    carrierwave-upyun (0.2.2)
      carrierwave (>= 0.5.7)
      faraday (>= 0.8.0)
    codecov (0.1.14)
      json
      simplecov
      url
    coffee-rails (5.0.0)
      coffee-script (>= 2.2.0)
      railties (>= 5.2.0)
    coffee-script (2.4.1)
      coffee-script-source
      execjs
    coffee-script-source (1.12.2)
    concurrent-ruby (1.1.5)
    connection_pool (2.2.2)
    crass (1.0.5)
    database_cleaner (1.7.0)
    derailed (0.1.0)
      derailed_benchmarks
    derailed_benchmarks (1.3.6)
      benchmark-ips (~> 2)
      get_process_mem (~> 0)
      heapy (~> 0)
      memory_profiler (~> 0)
      rack (>= 1)
      rake (> 10, < 13)
      thor (~> 0.19)
    devise (4.7.1)
      bcrypt (~> 3.0)
      orm_adapter (~> 0.1)
      railties (>= 4.1.0)
      responders
      warden (~> 1.2.3)
    devise-encryptable (0.2.0)
      devise (>= 2.1.0)
    diff-lcs (1.3)
    docile (1.3.2)
    domain_name (0.5.20190701)
      unf (>= 0.0.5, < 1.0.0)
    doorkeeper (5.1.0)
      railties (>= 5)
    doorkeeper-i18n (5.0.2)
    dotenv (2.7.4)
    dotenv-rails (2.7.4)
      dotenv (= 2.7.4)
      railties (>= 3.2, < 6.1)
    dropzonejs-rails (0.8.4)
      rails (> 3.1)
    elasticsearch (5.0.5)
      elasticsearch-api (= 5.0.5)
      elasticsearch-transport (= 5.0.5)
    elasticsearch-api (5.0.5)
      multi_json
    elasticsearch-model (5.0.2)
      activesupport (> 3)
      elasticsearch (~> 5)
      hashie
    elasticsearch-rails (5.0.2)
    elasticsearch-transport (5.0.5)
      faraday
      multi_json
    enumize (0.2.0)
      rails (>= 5.0.0)
    erubi (1.9.0)
    et-orbi (1.2.1)
      tzinfo
    exception-track (0.6.1)
      exception_notification (~> 4)
      kaminari (>= 0.15)
      rails (>= 4.0)
    exception_notification (4.4.0)
      actionmailer (>= 4.0, < 7)
      activesupport (>= 4.0, < 7)
    execjs (2.7.0)
    factory_bot (5.0.2)
      activesupport (>= 4.2.0)
    factory_bot_rails (5.0.2)
      factory_bot (~> 5.0.2)
      railties (>= 4.2.0)
    faraday (0.15.4)
      multipart-post (>= 1.2, < 3)
    ffi (1.11.1)
    font-awesome-rails (4.7.0.5)
      railties (>= 3.2, < 6.1)
    form-select (0.3.2)
      rails (>= 4.2)
    fugit (1.2.3)
      et-orbi (~> 1.1, >= 1.1.8)
      raabro (~> 1.1)
    get_process_mem (0.2.4)
      ffi (~> 1.0)
    globalid (0.4.2)
      activesupport (>= 4.2.0)
    hashie (3.6.0)
    heapy (0.1.4)
    hiredis (0.6.3)
    homeland-jobs (0.3.1)
      rails
    homeland-note (0.2.2)
      rails
    homeland-press (0.4.2)
      rails
    homeland-site (0.3.3)
      form-select (>= 0.2.0)
      rails
    homeland-wiki (0.4.4)
      rails
    html-pipeline (2.11.1)
      activesupport (>= 2)
      nokogiri (>= 1.4)
    html-pipeline-rouge_filter (1.0.7)
      activesupport
      html-pipeline (>= 1.11)
      rouge (>= 2.0.0, < 4)
    http-cookie (1.0.3)
      domain_name (~> 0.5)
    http_accept_language (2.1.1)
    i18n (1.7.0)
      concurrent-ruby (~> 1.0)
    jaro_winkler (1.5.3)
    jbuilder (2.9.1)
      activesupport (>= 4.2.0)
    jquery-atwho-rails (1.5.4)
    jquery-rails (4.3.5)
      rails-dom-testing (>= 1, < 3)
      railties (>= 4.2.0)
      thor (>= 0.14, < 2.0)
    json (2.2.0)
    jwt (2.2.1)
    kaminari (1.1.1)
      activesupport (>= 4.1.0)
      kaminari-actionview (= 1.1.1)
      kaminari-activerecord (= 1.1.1)
      kaminari-core (= 1.1.1)
    kaminari-actionview (1.1.1)
      actionview
      kaminari-core (= 1.1.1)
    kaminari-activerecord (1.1.1)
      activerecord
      kaminari-core (= 1.1.1)
    kaminari-core (1.1.1)
    launchy (2.4.3)
      addressable (~> 2.3)
    letter_avatar (0.3.7)
    letter_opener (1.7.0)
      launchy (~> 2.2)
    listen (3.1.5)
      rb-fsevent (~> 0.9, >= 0.9.4)
      rb-inotify (~> 0.9, >= 0.9.7)
      ruby_dep (~> 1.2)
    loofah (2.4.0)
      crass (~> 1.0.2)
      nokogiri (>= 1.5.9)
    mail (2.7.1)
      mini_mime (>= 0.1.1)
    marcel (0.3.3)
      mimemagic (~> 0.3.2)
    memory_profiler (0.9.14)
    method_source (0.9.2)
    mime-types (3.2.2)
      mime-types-data (~> 3.2015)
    mime-types-data (3.2019.0331)
    mimemagic (0.3.3)
    mini_magick (4.9.5)
    mini_mime (1.0.2)
    mini_portile2 (2.4.0)
    minitest (5.13.0)
    msgpack (1.3.0)
    multi_json (1.13.1)
    multi_xml (0.6.0)
    multipart-post (2.1.1)
    netrc (0.11.0)
    nio4r (2.5.2)
    nokogiri (1.10.7)
      mini_portile2 (~> 2.4.0)
    nokogumbo (2.0.1)
      nokogiri (~> 1.8, >= 1.8.4)
    notifications (0.6.1)
      kaminari (>= 0.15)
      rails (>= 5)
    oauth2 (1.4.1)
      faraday (>= 0.8, < 0.16.0)
      jwt (>= 1.0, < 3.0)
      multi_json (~> 1.3)
      multi_xml (~> 0.5)
      rack (>= 1.2, < 3)
    omniauth (1.9.0)
      hashie (>= 3.4.6, < 3.7.0)
      rack (>= 1.6.2, < 3)
    omniauth-github (1.3.0)
      omniauth (~> 1.5)
      omniauth-oauth2 (>= 1.4.0, < 2.0)
    omniauth-oauth2 (1.6.0)
      oauth2 (~> 1.1)
      omniauth (~> 1.9)
    orm_adapter (0.5.0)
    parallel (1.17.0)
    parser (2.6.3.0)
      ast (~> 2.4.0)
    pg (1.1.4)
    pghero (2.2.1)
      activerecord
    popper_js (1.14.5)
    postmark (1.15.0)
      json
    postmark-rails (0.19.0)
      actionmailer (>= 3.0.0)
      postmark (~> 1.15.0)
    public_suffix (3.1.1)
    puma (4.3.1)
      nio4r (~> 2.0)
    qiniu (6.9.0)
      mime-types (~> 3.1)
      rest-client (~> 2.0)
    raabro (1.1.6)
    rack (2.0.8)
    rack-attack (6.1.0)
      rack (>= 1.0, < 3)
    rack-cors (1.0.3)
    rack-protection (2.0.5)
      rack
    rack-test (1.1.0)
      rack (>= 1.0, < 3)
    rack-utf8_sanitizer (1.6.0)
      rack (>= 1.0, < 3.0)
    rails (6.0.2.1)
      actioncable (= 6.0.2.1)
      actionmailbox (= 6.0.2.1)
      actionmailer (= 6.0.2.1)
      actionpack (= 6.0.2.1)
      actiontext (= 6.0.2.1)
      actionview (= 6.0.2.1)
      activejob (= 6.0.2.1)
      activemodel (= 6.0.2.1)
      activerecord (= 6.0.2.1)
      activestorage (= 6.0.2.1)
      activesupport (= 6.0.2.1)
      bundler (>= 1.3.0)
      railties (= 6.0.2.1)
      sprockets-rails (>= 2.0.0)
    rails-dom-testing (2.0.3)
      activesupport (>= 4.2.0)
      nokogiri (>= 1.6)
    rails-html-sanitizer (1.3.0)
      loofah (~> 2.3)
    rails-i18n (6.0.0)
      i18n (>= 0.7, < 2)
      railties (>= 6.0.0, < 7)
    rails-settings-cached (2.1.0)
      rails (>= 4.2.0)
      request_store
    rails_autolink (1.1.6)
      rails (> 3.1)
    railties (6.0.2.1)
      actionpack (= 6.0.2.1)
      activesupport (= 6.0.2.1)
      method_source
      rake (>= 0.8.7)
      thor (>= 0.20.3, < 2.0)
    rainbow (3.0.0)
    rake (12.3.3)
    rb-fsevent (0.10.3)
    rb-inotify (0.10.0)
      ffi (~> 1.0)
    rdoc (6.1.1)
    recaptcha (5.0.0)
      json
    redcarpet (3.4.0)
    redis (4.1.2)
    redis-namespace (1.6.0)
      redis (>= 3.0.4)
    redis-objects (1.4.3)
      redis (~> 4.0)
    regexp_parser (1.6.0)
    request_store (1.4.1)
      rack (>= 1.4)
    responders (3.0.0)
      actionpack (>= 5.0)
      railties (>= 5.0)
    rest-client (2.0.2)
      http-cookie (>= 1.0.2, < 2.0)
      mime-types (>= 1.16, < 4.0)
      netrc (~> 0.8)
    rouge (3.6.0)
    rspec-core (3.8.2)
      rspec-support (~> 3.8.0)
    rspec-expectations (3.8.4)
      diff-lcs (>= 1.2.0, < 2.0)
      rspec-support (~> 3.8.0)
    rspec-mocks (3.8.1)
      diff-lcs (>= 1.2.0, < 2.0)
      rspec-support (~> 3.8.0)
    rspec-rails (3.8.2)
      actionpack (>= 3.0)
      activesupport (>= 3.0)
      railties (>= 3.0)
      rspec-core (~> 3.8.0)
      rspec-expectations (~> 3.8.0)
      rspec-mocks (~> 3.8.0)
      rspec-support (~> 3.8.0)
    rspec-support (3.8.2)
    rubocop (0.73.0)
      jaro_winkler (~> 1.5.1)
      parallel (~> 1.10)
      parser (>= 2.6)
      rainbow (>= 2.2.2, < 4.0)
      ruby-progressbar (~> 1.7)
      unicode-display_width (>= 1.4.0, < 1.7)
    ruby-progressbar (1.10.1)
    ruby-push-notifications (1.2.0)
      builder (~> 3.0)
    ruby_dep (1.5.0)
    rucaptcha (2.5.2)
      railties (>= 3.2)
    rufus-scheduler (3.6.0)
      fugit (~> 1.1, >= 1.1.6)
    sanitize (5.0.0)
      crass (~> 1.0.2)
      nokogiri (>= 1.8.0)
      nokogumbo (~> 2.0)
    sass-rails (6.0.0)
      sassc-rails (~> 2.1, >= 2.1.1)
    sassc (2.0.1)
      ffi (~> 1.9)
      rake
    sassc-rails (2.1.2)
      railties (>= 4.0.0)
      sassc (>= 2.0)
      sprockets (> 3.0)
      sprockets-rails
      tilt
    sdoc (1.0.0)
      rdoc (>= 5.0)
    second_level_cache (2.5.0)
      activerecord (>= 5.2, < 7)
      activesupport (>= 5.2, < 7)
    sidekiq (5.2.7)
      connection_pool (~> 2.2, >= 2.2.2)
      rack (>= 1.5.0)
      rack-protection (>= 1.5.0)
      redis (>= 3.3.5, < 5)
    sidekiq-scheduler (3.0.0)
      redis (>= 3, < 5)
      rufus-scheduler (~> 3.2)
      sidekiq (>= 3)
      tilt (>= 1.4.0)
    simplecov (0.17.0)
      docile (~> 1.1)
      json (>= 1.8, < 3)
      simplecov-html (~> 0.10.0)
    simplecov-html (0.10.2)
    social-share-button (1.2.0)
      coffee-rails
    spring (2.1.0)
    spring-commands-rspec (1.0.4)
      spring (>= 0.9.1)
    sprockets (4.0.0)
      concurrent-ruby (~> 1.0)
      rack (> 1, < 3)
    sprockets-rails (3.2.1)
      actionpack (>= 4.0)
      activesupport (>= 4.0)
      sprockets (>= 3.0.0)
    status-page (0.1.4)
      rails (>= 4.2)
    thor (0.20.3)
    thread_safe (0.3.6)
    tilt (2.0.9)
    turbolinks (5.0.1)
      turbolinks-source (~> 5)
    turbolinks-source (5.2.0)
    twemoji (3.1.5)
      nokogiri (~> 1.6)
    tzinfo (1.2.5)
      thread_safe (~> 0.1)
    uglifier (4.1.20)
      execjs (>= 0.3.0, < 3)
    unf (0.1.4)
      unf_ext
    unf_ext (0.0.7.6)
    unicode-display_width (1.6.0)
    url (0.3.2)
    warden (1.2.8)
      rack (>= 2.0.6)
    websocket-driver (0.7.1)
      websocket-extensions (>= 0.1.0)
    websocket-extensions (0.1.4)
    xpath (3.2.0)
      nokogiri (~> 1.8)
    zeitwerk (2.2.2)

PLATFORMS
  ruby

DEPENDENCIES
  action-store
  auto-space
  bootsnap
  bootstrap (~> 4)
  bulk_insert
  cancancan
  capybara
  carrierwave
  carrierwave-aliyun
  carrierwave-qiniu
  carrierwave-upyun
  codecov
  coffee-rails
  database_cleaner
  derailed
  devise
  devise-encryptable
  doorkeeper
  doorkeeper-i18n
  dotenv-rails
  dropzonejs-rails
  elasticsearch-model (~> 5.0.2)
  elasticsearch-rails (~> 5.0.2)
  enumize
  exception-track
  factory_bot_rails
  font-awesome-rails
  form-select
  hiredis
  homeland-jobs
  homeland-note
  homeland-press
  homeland-site
  homeland-wiki
  html-pipeline
  html-pipeline-rouge_filter
  http_accept_language
  jbuilder
  jquery-atwho-rails
  jquery-rails
  kaminari
  letter_avatar
  letter_opener
  listen
  mini_magick
  notifications
  omniauth
  omniauth-github
  pg
  pghero
  postmark
  postmark-rails
  puma
  rack-attack
  rack-cors
  rack-utf8_sanitizer
  rails (~> 6.0.0)
  rails-i18n
  rails-settings-cached
  rails_autolink
  recaptcha
  redcarpet
  redis
  redis-namespace
  redis-objects
  rspec-rails
  rubocop (>= 0.49.0)
  ruby-push-notifications
  rucaptcha
  sanitize
  sass-rails
  sdoc
  second_level_cache
  sidekiq
  sidekiq-scheduler
  social-share-button
  spring
  spring-commands-rspec
  sprockets
  status-page
  turbolinks (~> 5.0.0)
  twemoji
  uglifier

BUNDLED WITH
   1.17.2
